STORAGE: NONE
NUGET
  remote: https://api.nuget.org/v3/index.json
    Brahma.FSharp (2.0.0-alpha4) - restriction: || (>= net461) (>= netstandard2.1)
      Brahma.FSharp.OpenCL.Printer (>= 2.0.0-alpha4) - restriction: || (>= net461) (>= netstandard2.1)
      Brahma.FSharp.OpenCL.Translator (>= 2.0.0-alpha4) - restriction: || (>= net461) (>= netstandard2.1)
      FSharp.Core (>= 4.3.4) - restriction: || (>= net461) (>= netstandard2.1)
      FSharp.Quotations.Evaluator (>= 2.1) - restriction: || (>= net461) (>= netstandard2.1)
      YC.Brahma (>= 2.0.0-alpha4) - restriction: || (>= net461) (>= netstandard2.1)
      YC.Brahma.OpenCL (>= 2.0.0-alpha4) - restriction: || (>= net461) (>= netstandard2.1)
      YC.OpenCL.NET (>= 2.0.0-alpha4) - restriction: || (>= net461) (>= netstandard2.1)
    Brahma.FSharp.OpenCL.AST (2.0.0-alpha4) - restriction: || (>= net461) (>= netstandard2.1)
      FSharp.Core (>= 4.3.4) - restriction: || (>= net461) (>= netstandard2.1)
    Brahma.FSharp.OpenCL.Extensions (2.0.0-alpha4) - restriction: || (>= net461) (>= netstandard2.1)
      FSharp.Core (>= 4.3.4) - restriction: || (>= net461) (>= netstandard2.1)
      YC.Brahma.OpenCL (>= 2.0.0-alpha4) - restriction: || (>= net461) (>= netstandard2.1)
      YC.OpenCL.NET (>= 2.0.0-alpha4) - restriction: || (>= net461) (>= netstandard2.1)
    Brahma.FSharp.OpenCL.Printer (2.0.0-alpha4) - restriction: || (>= net461) (>= netstandard2.1)
      Brahma.FSharp.OpenCL.AST (>= 2.0.0-alpha4) - restriction: || (>= net461) (>= netstandard2.1)
      Brahma.FSharp.OpenCL.Translator (>= 2.0.0-alpha4) - restriction: || (>= net461) (>= netstandard2.1)
      FSharp.Core (>= 4.3.4) - restriction: || (>= net461) (>= netstandard2.1)
      FSharpx.Collections (>= 2.1.3) - restriction: || (>= net461) (>= netstandard2.1)
      FSharpx.Text.StructuredFormat (>= 2.3) - restriction: || (>= net461) (>= netstandard2.1)
    Brahma.FSharp.OpenCL.Translator (2.0.0-alpha4) - restriction: || (>= net461) (>= netstandard2.1)
      Brahma.FSharp.OpenCL.AST (>= 2.0.0-alpha4) - restriction: || (>= net461) (>= netstandard2.1)
      Brahma.FSharp.OpenCL.Extensions (>= 2.0.0-alpha4) - restriction: || (>= net461) (>= netstandard2.1)
      FSharp.Core (>= 4.3.4) - restriction: || (>= net461) (>= netstandard2.1)
      FSharpx.Collections (>= 2.1.3) - restriction: || (>= net461) (>= netstandard2.1)
    Brahma.FSharp.OpenCL.WorkflowBuilder (2.0.0-alpha4)
      Brahma.FSharp (>= 2.0.0-alpha4) - restriction: || (>= net461) (>= netstandard2.1)
      Brahma.FSharp.OpenCL.Extensions (>= 2.0.0-alpha4) - restriction: || (>= net461) (>= netstandard2.1)
      FSharp.Core (>= 4.3.4) - restriction: || (>= net461) (>= netstandard2.1)
    ExtraConstraints.Fody (1.14) - restriction: || (&& (>= net461) (>= netstandard2.0)) (>= netstandard2.1)
      Fody (>= 6.0) - restriction: || (>= net452) (>= netstandard1.4)
      NETStandard.Library (>= 1.6.1) - restriction: && (< net452) (>= netstandard1.4)
    Fody (6.3) - restriction: || (&& (>= net461) (>= netstandard2.0)) (>= netstandard2.1)
    FSharp.Core (5.0) - restriction: || (>= net461) (>= netstandard2.1)
    FSharp.Quotations.Evaluator (2.1) - restriction: || (>= net461) (>= netstandard2.1)
      FSharp.Core (>= 4.3.1) - restriction: >= netstandard2.0
    FSharpx.Collections (2.1.3) - restriction: || (>= net461) (>= netstandard2.1)
      FSharp.Core (>= 4.3.4) - restriction: || (>= net45) (>= netstandard2.0)
    FSharpx.Text.StructuredFormat (2.3.2) - restriction: || (>= net461) (>= netstandard2.1)
      FSharp.Core (>= 4.6.2) - restriction: >= netstandard2.0
    Microsoft.Build.Framework (16.8) - restriction: || (&& (>= net461) (>= netstandard2.0)) (>= netstandard2.1)
      System.Security.Permissions (>= 4.7) - restriction: && (< net472) (>= netstandard2.0)
    Microsoft.NETCore.Platforms (5.0) - restriction: || (&& (< net45) (>= net461) (>= netstandard2.0)) (&& (< net452) (>= net461) (>= netstandard2.0)) (&& (>= net461) (>= netcoreapp2.0)) (&& (>= net461) (< netstandard1.0) (>= netstandard2.0)) (&& (>= net461) (< netstandard1.3) (>= netstandard2.0) (>= wpa81)) (&& (>= net461) (< netstandard1.5) (>= netstandard2.0) (>= uap10.0)) (&& (>= net461) (>= netstandard2.0) (< portable-net45+win8+wpa81)) (&& (>= net461) (>= netstandard2.0) (>= uap10.1)) (&& (>= net461) (>= netstandard2.0) (>= wp8)) (&& (>= netcoreapp3.0) (< xamarinios) (< xamarinmac) (< xamarintvos) (< xamarinwatchos)) (>= netstandard2.1)
    Microsoft.Win32.SystemEvents (5.0) - restriction: && (>= netcoreapp3.0) (< xamarinios) (< xamarinmac) (< xamarintvos) (< xamarinwatchos)
      Microsoft.NETCore.Platforms (>= 5.0) - restriction: >= netcoreapp2.0
    NETStandard.Library (2.0.3) - restriction: || (&& (< net452) (>= net461) (>= netstandard2.0)) (>= netstandard2.1)
      Microsoft.NETCore.Platforms (>= 1.1) - restriction: || (&& (>= net45) (< netstandard1.3)) (&& (< net45) (>= netstandard1.1) (< netstandard1.2) (< win8)) (&& (< net45) (>= netstandard1.2) (< netstandard1.3) (< win8) (< wpa81)) (&& (< net45) (>= netstandard1.3) (< netstandard1.4) (< win8) (< wpa81)) (&& (< net45) (>= netstandard1.4) (< netstandard1.5) (< win8) (< wpa81)) (&& (< net45) (>= netstandard1.5) (< netstandard1.6) (< win8) (< wpa81)) (&& (< net45) (>= netstandard1.6) (< netstandard2.0) (< win8) (< wpa81)) (&& (< net45) (>= netstandard2.0)) (&& (>= net46) (< netstandard1.4)) (>= net461) (>= netcoreapp2.0) (&& (>= netstandard1.0) (< portable-net45+win8+wpa81)) (&& (< netstandard1.0) (>= portable-net45+win8) (< win8)) (&& (< netstandard1.0) (< portable-net45+win8) (>= portable-net45+win8+wpa81)) (&& (< netstandard1.0) (>= portable-net45+win8+wp8+wpa81) (< portable-net45+win8+wpa81)) (&& (< netstandard1.0) (>= win8)) (&& (< netstandard1.3) (< win8) (>= wpa81)) (&& (< netstandard1.5) (>= uap10.0)) (>= uap10.1) (>= wp8)
    System.CodeDom (5.0) - restriction: || (&& (>= net461) (>= netstandard2.0)) (>= netstandard2.1)
    System.Drawing.Common (5.0) - restriction: >= netcoreapp3.0
      Microsoft.Win32.SystemEvents (>= 5.0) - restriction: || (&& (< monoandroid) (>= netcoreapp2.0) (< netcoreapp3.0) (< xamarinios) (< xamarinmac) (< xamarintvos) (< xamarinwatchos)) (&& (>= netcoreapp3.0) (< xamarinios) (< xamarinmac) (< xamarintvos) (< xamarinwatchos))
    System.Security.AccessControl (5.0) - restriction: || (&& (>= net461) (< net472) (>= netstandard2.0)) (>= netstandard2.1)
      Microsoft.NETCore.Platforms (>= 5.0) - restriction: >= netcoreapp2.0
      System.Security.Principal.Windows (>= 5.0) - restriction: || (&& (>= net46) (< netstandard2.0)) (&& (< net46) (>= netstandard1.3) (< netstandard2.0) (< uap10.1)) (&& (< net46) (>= netstandard2.0)) (>= net461) (>= netcoreapp2.0)
    System.Security.Permissions (5.0) - restriction: || (&& (>= net461) (< net472) (>= netstandard2.0)) (>= netstandard2.1)
      System.Security.AccessControl (>= 5.0) - restriction: || (>= net461) (>= netstandard2.0)
      System.Windows.Extensions (>= 5.0) - restriction: >= netcoreapp3.0
    System.Security.Principal.Windows (5.0) - restriction: || (&& (< net46) (>= net461) (>= netstandard2.0)) (&& (>= net461) (< net472) (>= netstandard2.0)) (&& (>= net461) (>= netcoreapp2.0)) (>= netstandard2.1)
    System.Windows.Extensions (5.0) - restriction: >= netcoreapp3.0
      System.Drawing.Common (>= 5.0) - restriction: >= netcoreapp3.0
    YC.Brahma (2.0.0-alpha4) - restriction: || (>= net461) (>= netstandard2.1)
    YC.Brahma.OpenCL (2.0.0-alpha4) - restriction: || (>= net461) (>= netstandard2.1)
      YC.Brahma (>= 2.0.0-alpha4) - restriction: || (>= net461) (>= netstandard2.1)
      YC.OpenCL.NET (>= 2.0.0-alpha4) - restriction: || (>= net461) (>= netstandard2.1)
    YC.OpenCL.NET (2.0.0-alpha4) - restriction: || (>= net461) (>= netstandard2.1)
      ExtraConstraints.Fody (>= 1.14) - restriction: >= netstandard2.0
      Microsoft.Build.Framework (>= 16.6) - restriction: >= netstandard2.0
      System.CodeDom (>= 4.7) - restriction: >= netstandard2.0
